GIT
  remote: git://github.com/ncbo/goo.git
<<<<<<< HEAD
  revision: 0f68487d691d81c676cff97e520b7549166e478a
  branch: master
=======
  revision: 93727885409db3704b52adbecb0b05fa7cc35686
  branch: staging
>>>>>>> aedf585... fixes for NCBO-471 and NCBO-472
  specs:
    goo (0.0.2)
      rdf (= 1.0.8)
      redis
      rest-client
      rsolr
      sparql-client
      uuid

GIT
  remote: git://github.com/ncbo/ncbo_annotator.git
<<<<<<< HEAD
  revision: cacc1377dc521ec19a14e4f06e264b9698c5a0b2
  branch: master
=======
  revision: 883f0c44974db683db54d8caf7941a4cafcd49ee
  branch: staging
>>>>>>> aedf585... fixes for NCBO-471 and NCBO-472
  specs:
    ncbo_annotator (0.0.1)
      goo
      ontologies_linked_data
      redis

GIT
  remote: git://github.com/ncbo/ncbo_cron.git
<<<<<<< HEAD
  revision: cf586a5f3db8b105d4eeacc0c32150e8dbc8adc1
  branch: master
=======
  revision: 1fc16aa9c4fa97b2f4fa271430b0ff0287e7fa08
  branch: staging
>>>>>>> aedf585... fixes for NCBO-471 and NCBO-472
  specs:
    ncbo_cron (0.0.1)
      dante
      goo
      mlanett-redis-lock
      multi_json
      ncbo_annotator
      ontologies_linked_data
      redis
      rufus-scheduler (~> 2.0.24)

GIT
  remote: git://github.com/ncbo/ncbo_resolver.git
  revision: 67989c445e53e019b3b3fa4905e0aa9d519df0ed
  specs:
    ncbo_resolver (0.0.1)
      recursive-open-struct
      redis

GIT
  remote: git://github.com/ncbo/ontologies_linked_data.git
<<<<<<< HEAD
  revision: c8dad45d56aea872ba7616c9a4f5c2866368184f
  branch: master
=======
  revision: dd89a667c4ec4234c616899caa0de1bf46a79a60
  branch: staging
>>>>>>> aedf585... fixes for NCBO-471 and NCBO-472
  specs:
    ontologies_linked_data (0.0.1)
      activesupport
      bcrypt-ruby
      goo
      json
      libxml-ruby
      multi_json
      oj
      pony
      rack
      rack-test
      rsolr
      rubyzip

GIT
  remote: git://github.com/ncbo/resource_index_ruby_client.git
  revision: d5676f865c61d852e3e32a5973a8bafe8451330e
  specs:
    ncbo_resource_index_client (1.6.1)
      libxml-ruby (~> 2.7.0)

GIT
  remote: git://github.com/ncbo/sparql-client.git
  revision: 245ca3abdb4c1c72bff1b150e7fe6f0d4922356f
  branch: master
  specs:
    sparql-client (1.0.4.1)
      json_pure (>= 1.4)
      net-http-persistent (>= 1.4)
      rdf (>= 1.0)

GIT
  remote: git://github.com/palexander/rack-post-body-to-params.git
  revision: 0fd30e710386d0cb8a3a6833d9549d7b655d5398
  branch: multipart_support
  specs:
    rack-post-body-to-params (0.1.8)
      activesupport (>= 2.3)

GIT
  remote: git://github.com/palexander/rack.git
  revision: 65f75b40d94cda2e90441554ea7d6878a26dde2b
  branch: patch-1
  specs:
    rack (1.6.0.alpha)

GIT
  remote: https://github.com/palexander/shotgun.git
  revision: db198224aaab2e4cb9b049adccb30e387d88bc3b
  branch: ncbo
  specs:
    shotgun (0.9)
      rack (>= 1.0)

GEM
  remote: https://rubygems.org/
  specs:
    activesupport (3.2.16)
      i18n (~> 0.6, >= 0.6.4)
      multi_json (~> 1.0)
    addressable (2.3.5)
    atomic (1.1.14)
    atomic (1.1.14-java)
    backports (3.3.5)
    bcrypt-ruby (3.1.2)
    bcrypt-ruby (3.1.2-java)
    builder (3.2.2)
    coderay (1.1.0)
    cube-ruby (0.0.3)
    dante (0.2.0)
    docile (1.1.1)
    ffi (1.9.3-java)
    haml (4.0.4)
      tilt
    i18n (0.6.9)
    json (1.8.1)
    json (1.8.1-java)
    json-schema (2.1.3)
    json_pure (1.8.1)
    kgio (2.8.1)
    libxml-ruby (2.7.0)
    macaddr (1.6.1)
      systemu (~> 2.5.0)
    mail (2.2.7)
      activesupport (>= 2.3.6)
      mime-types
      treetop (>= 1.4.5)
    method_source (0.8.2)
    mime-types (2.0)
    minitest (4.7.5)
    mlanett-redis-lock (0.2.5)
      redis
    multi_json (1.8.2)
    net-http-persistent (2.9)
    oj (2.4.1)
    polyglot (0.3.3)
    pony (1.6.2)
      mail (>= 2.0)
    pry (0.9.12.4)
      coderay (~> 1.0)
      method_source (~> 0.8)
      slop (~> 3.4)
    pry (0.9.12.4-java)
      coderay (~> 1.0)
      method_source (~> 0.8)
      slop (~> 3.4)
      spoon (~> 0.0)
    rack-accept (0.4.5)
      rack (>= 0.4)
    rack-cache (1.2)
      rack (>= 0.4)
    rack-mini-profiler (0.1.31)
      rack (>= 1.1.3)
    rack-protection (1.5.1)
      rack
    rack-test (0.6.2)
      rack (>= 1.0)
    rack-timeout (0.0.4)
    rainbows (4.5.0)
      kgio (~> 2.5)
      rack (~> 1.1)
      unicorn (~> 4.6, >= 4.6.2)
    raindrops (0.12.0)
    rake (10.1.0)
    rdf (1.0.8)
      addressable (>= 2.2)
    recursive-open-struct (0.4.5)
    redcarpet (3.0.0)
    redis (3.0.6)
    redis-rack-cache (1.2.2)
      rack-cache (~> 1.2)
      redis-store (~> 1.1.0)
    redis-store (1.1.4)
      redis (>= 2.2)
    rest-client (1.6.7)
      mime-types (>= 1.16)
    rsolr (1.0.9)
      builder (>= 2.1.2)
    rubyzip (1.1.0)
    rufus-scheduler (2.0.24)
      tzinfo (>= 0.3.22)
    simplecov (0.8.2)
      docile (~> 1.1.0)
      multi_json
      simplecov-html (~> 0.8.0)
    simplecov-html (0.8.0)
    sinatra (1.4.4)
      rack (~> 1.4)
      rack-protection (~> 1.4)
      tilt (~> 1.3, >= 1.3.4)
    sinatra-advanced-routes (0.5.3)
      sinatra (~> 1.0)
    sinatra-contrib (1.4.2)
      backports (>= 2.0)
      multi_json
      rack-protection
      rack-test
      sinatra (~> 1.4.0)
      tilt (~> 1.3)
    slop (3.4.7)
    spoon (0.0.4)
      ffi
    systemu (2.5.2)
    thread_safe (0.1.3)
      atomic
    thread_safe (0.1.3-java)
      atomic
    tilt (1.4.1)
    treetop (1.4.15)
      polyglot
      polyglot (>= 0.3.1)
    tzinfo (1.1.0)
      thread_safe (~> 0.1)
    unicorn (4.7.0)
      kgio (~> 2.6)
      rack
      raindrops (~> 0.7)
    uuid (2.3.7)
      macaddr (~> 1.0)

PLATFORMS
  java
  ruby

DEPENDENCIES
  activesupport (~> 3.0)
  cube-ruby
  goo!
  haml
  json-schema (~> 2.0)
  minitest (~> 4.0)
  multi_json (~> 1.0)
  ncbo_annotator!
  ncbo_cron!
  ncbo_resolver!
  ncbo_resource_index_client!
  oj (~> 2.0)
  ontologies_linked_data!
  pry
  rack!
  rack-accept (~> 0.4)
  rack-cache (~> 1.0)
  rack-mini-profiler
  rack-post-body-to-params!
  rack-timeout
  rainbows
  rake (~> 10.0)
  redcarpet
  redis (~> 3.0)
  redis-rack-cache (~> 1.0)
  shotgun!
  simplecov
  sinatra (~> 1.0)
  sinatra-advanced-routes
  sinatra-contrib (~> 1.0)
  sparql-client!
